PATH
  remote: .
  specs:
    ruby-intl (0.1.0)
      execjs
      ruby-cldr

GEM
  remote: https://rubygems.org/
  specs:
    coderay (1.1.3)
    concurrent-ruby (1.1.8)
    diff-lcs (1.4.4)
    execjs (2.7.0)
    i18n (1.8.10)
      concurrent-ruby (~> 1.0)
    method_source (0.9.2)
    mini_portile2 (2.5.0)
    nokogiri (1.11.2)
      mini_portile2 (~> 2.5.0)
      racc (~> 1.4)
    pry (0.12.2)
      coderay (~> 1.1.0)
      method_source (~> 0.9.0)
    pry-nav (0.3.0)
      pry (>= 0.9.10, < 0.13.0)
    racc (1.5.2)
    rake (12.3.3)
    rspec (3.10.0)
      rspec-core (~> 3.10.0)
      rspec-expectations (~> 3.10.0)
      rspec-mocks (~> 3.10.0)
    rspec-core (3.10.1)
      rspec-support (~> 3.10.0)
    rspec-expectations (3.10.1)
      diff-lcs (>= 1.2.0, < 2.0)
      rspec-support (~> 3.10.0)
    rspec-mocks (3.10.2)
      diff-lcs (>= 1.2.0, < 2.0)
      rspec-support (~> 3.10.0)
    rspec-support (3.10.2)
    ruby-cldr (0.5.0)
      i18n
      nokogiri
      thor
    thor (1.1.0)

PLATFORMS
  ruby

DEPENDENCIES
  pry
  pry-nav
  rake (~> 12.0)
  rspec (~> 3.0)
  ruby-intl!

BUNDLED WITH
   2.1.4
